GIT
  remote: https://github.com/ashfurrow/danger-rubocop
  revision: 87cbcaa882d63ea5d08febaf2ff864046bfe6d73
  branch: markdown-fix
  specs:
    danger-rubocop (0.2.0)
      danger
      rubocop

GIT
  remote: https://github.com/dry-rb/dry-view
  revision: 825a0226862d821528eb6dde8cfe83f87648604e
  branch: master
  specs:
    dry-view (0.1.0)
      dry-configurable (~> 0.1)
      dry-equalizer (~> 0.2)
      inflecto (~> 0)
      tilt (~> 2.0)

GIT
  remote: https://github.com/icelab/formalist
  revision: 86dbd82d581e59a704cd4bdd5ff10f4e35a6a887
  branch: master
  specs:
    formalist (0.3.0)
      dry-configurable
      dry-container
      dry-types (>= 0.8)
      inflecto

GIT
  remote: https://github.com/rom-rb/rom
  revision: 4b27d1d1194f507dae7c7d09426894e79c3291da
  specs:
    rom (2.0.0)
      concurrent-ruby (~> 1.0)
      dry-equalizer (~> 0.2)
      dry-types (~> 0.8)
      rom-mapper (~> 0.3.0)
      rom-support (~> 1.0.0)

GIT
  remote: https://github.com/rom-rb/rom-mapper
  revision: 5cc3714c9c7a7e9bc676f5d0760f3e3de2e8bff9
  specs:
    rom-mapper (0.3.0)
      dry-equalizer (~> 0.2)
      rom-support (~> 1.0.0)
      transproc (~> 0.4.0)

GIT
  remote: https://github.com/rom-rb/rom-repository
  revision: 5e5886bad5b372279a32db10cf6746821a0161b6
  specs:
    rom-repository (0.3.0)
      concurrent-ruby (~> 1.0)
      rom (~> 2.0)
      rom-mapper (~> 0.3)
      rom-support (~> 1.0)

GIT
  remote: https://github.com/rom-rb/rom-sql
  revision: 73ac2073faaec17fce8ccb152cfadf3f6c6ef12d
  specs:
    rom-sql (0.8.0)
      dry-equalizer (~> 0.2)
      dry-types (~> 0.8)
      rom (~> 2.0)
      sequel (~> 4.25)

GIT
  remote: https://github.com/rom-rb/rom-support
  revision: c70f8eb9e4cc43514cae4d7bc06d82ab16d76bd7
  specs:
    rom-support (1.0.0)
      concurrent-ruby (~> 1.0)
      dry-equalizer (~> 0.2)
      transproc (~> 0.4.0)
      wisper (~> 1.6, >= 1.6.0)

GIT
  remote: https://github.com/solnic/transproc
  revision: ef7cbef5d22fffd53beadf5c28abdb4975a02c45
  specs:
    transproc (0.4.0)

GEM
  remote: https://rubygems.org/
  specs:
    addressable (2.4.0)
    ast (2.3.0)
    babosa (1.0.2)
    bcrypt (3.1.11)
    bugsnag (4.1.0)
    builder (3.2.2)
    byebug (9.0.3)
    capybara (2.7.1)
      addressable
      mime-types (>= 1.16)
      nokogiri (>= 1.3.3)
      rack (>= 1.0.0)
      rack-test (>= 0.5.4)
      xpath (~> 2.0)
    capybara-screenshot (1.0.12)
      capybara (>= 1.0, < 3)
      launchy
    claide (1.0.0)
    claide-plugins (0.9.1)
      cork
      nap
      open4 (~> 1.3)
    cliver (0.3.2)
    codeclimate-test-reporter (0.5.0)
      simplecov (>= 0.7.1, < 1.0.0)
    coderay (1.1.1)
    colored (1.2)
    concurrent-ruby (1.0.2)
    cork (0.1.0)
      colored (~> 1.2)
    danger (2.1.0)
      claide (~> 1.0)
      claide-plugins (> 0.9.0)
      colored (~> 1.2)
      cork (~> 0.1)
      faraday (~> 0)
      faraday-http-cache (~> 1.0)
      git (~> 1)
      octokit (~> 4.2)
      redcarpet (~> 3.3)
      terminal-table (~> 1)
    database_cleaner (1.5.3)
    diff-lcs (1.2.5)
    docile (1.1.5)
    dry-auto_inject (0.3.0)
      dry-container (~> 0.3.4)
    dry-component (0.2.0)
      dry-auto_inject (~> 0.3)
      dry-configurable (~> 0.1)
      dry-container (~> 0.3, >= 0.3.4)
      inflecto (>= 0.0.2)
    dry-configurable (0.1.7)
      concurrent-ruby (~> 1.0)
    dry-container (0.3.4)
      concurrent-ruby (~> 1.0)
      dry-configurable (~> 0.1, >= 0.1.3)
    dry-equalizer (0.2.0)
    dry-logic (0.3.0)
      dry-container (~> 0.2, >= 0.2.6)
      dry-equalizer (~> 0.2)
    dry-monads (0.0.2)
    dry-result_matcher (0.3.0)
      kleisli
    dry-transaction (0.6.0)
      dry-container (>= 0.2.8)
      kleisli
      wisper (>= 1.6.0)
    dry-types (0.8.1)
      concurrent-ruby (~> 1.0)
      dry-configurable (~> 0.1)
      dry-container (~> 0.3)
      dry-equalizer (~> 0.2)
      dry-logic (~> 0.3, >= 0.3.0)
      dry-monads (>= 0.0.1)
      ice_nine (~> 0.11)
      inflecto (~> 0.0.0, >= 0.0.2)
    dry-validation (0.8.0)
      concurrent-ruby (~> 1.0)
      dry-configurable (~> 0.1, >= 0.1.3)
      dry-container (~> 0.2, >= 0.2.8)
      dry-equalizer (~> 0.2)
      dry-logic (~> 0.3, >= 0.3.0)
      dry-types (~> 0.8, >= 0.8.0)
    dry-web (0.2.0)
      dry-component (~> 0)
    dry-web-roda (0.1.0)
      dry-configurable (~> 0.1)
      roda (~> 2.14)
      roda-flow (~> 0.3)
    excon (0.49.0)
    faker (1.6.3)
      i18n (~> 0.5)
    faraday (0.9.2)
      multipart-post (>= 1.2, < 3)
    faraday-http-cache (1.3.0)
      faraday (~> 0.8)
    ffi (1.9.10)
    fog-aws (0.9.2)
      fog-core (~> 1.27)
      fog-json (~> 1.0)
      fog-xml (~> 0.1)
      ipaddress (~> 0.8)
    fog-core (1.40.0)
      builder
      excon (~> 0.49)
      formatador (~> 0.2)
    fog-json (1.0.2)
      fog-core (~> 1.0)
      multi_json (~> 1.10)
    fog-xml (0.1.2)
      fog-core
      nokogiri (~> 1.5, >= 1.5.11)
    foreman (0.81.0)
      thor (~> 0.19.1)
    formatador (0.2.5)
    git (1.3.0)
    guard (2.13.0)
      formatador (>= 0.2.4)
      listen (>= 2.7, <= 4.0)
      lumberjack (~> 1.0)
      nenv (~> 0.1)
      notiffany (~> 0.0)
      pry (>= 0.9.12)
      shellany (~> 0.0)
      thor (>= 0.18.1)
    guard-compat (1.2.1)
    guard-rspec (4.6.5)
      guard (~> 2.1)
      guard-compat (~> 1.1)
      rspec (>= 2.99.0, < 4.0)
    i18n (0.7.0)
    ice_nine (0.11.2)
    inflecto (0.0.2)
    ipaddress (0.8.3)
    json (1.8.3)
    kleisli (0.2.7)
    launchy (2.4.3)
      addressable (~> 2.3)
    listen (3.1.4)
      rb-fsevent (~> 0.9, >= 0.9.4)
      rb-inotify (~> 0.9, >= 0.9.7)
      ruby_dep (~> 1.2)
    lumberjack (1.0.10)
    method_source (0.8.2)
    mime-types (3.0)
      mime-types-data (~> 3.2015)
    mime-types-data (3.2016.0221)
    mini_portile2 (2.1.0)
    multi_json (1.12.1)
    multipart-post (2.0.0)
    nap (1.1.0)
    nenv (0.3.0)
    nokogiri (1.6.8)
      mini_portile2 (~> 2.1.0)
      pkg-config (~> 1.1.7)
    notiffany (0.0.8)
      nenv (~> 0.1)
      shellany (~> 0.0)
    octokit (4.3.0)
      sawyer (~> 0.7.0, >= 0.5.3)
    open4 (1.3.4)
    parser (2.3.1.2)
      ast (~> 2.2)
    pg (0.18.4)
    pkg-config (1.1.7)
    poltergeist (1.9.0)
      capybara (~> 2.1)
      cliver (~> 0.3.1)
      multi_json (~> 1.0)
      websocket-driver (>= 0.2.0)
    postmark (1.7.1)
      json
      rake
    powerpack (0.1.1)
    pry (0.10.3)
      coderay (~> 1.1.0)
      method_source (~> 0.8.1)
      slop (~> 3.4)
    pry-byebug (3.4.0)
      byebug (~> 9.0)
      pry (~> 0.10)
    puma (3.4.0)
    que (0.11.5)
    rack (1.6.4)
    rack-rewrite (1.5.1)
    rack-ssl (1.4.1)
      rack
    rack-test (0.6.3)
      rack (>= 1.0)
    rack_csrf (2.5.0)
      rack (>= 1.1.0)
    rainbow (2.1.0)
    rake (11.1.2)
    rb-fsevent (0.9.7)
    rb-inotify (0.9.7)
      ffi (>= 0.5.0)
    redcarpet (3.3.2)
    roda (2.14.0)
      rack
    roda-flow (0.3.0)
    rouge (2.0.1)
    rspec (3.4.0)
      rspec-core (~> 3.4.0)
      rspec-expectations (~> 3.4.0)
      rspec-mocks (~> 3.4.0)
    rspec-core (3.4.4)
      rspec-support (~> 3.4.0)
    rspec-expectations (3.4.0)
      diff-lcs (>= 1.2.0, < 2.0)
      rspec-support (~> 3.4.0)
    rspec-mocks (3.4.1)
      diff-lcs (>= 1.2.0, < 2.0)
      rspec-support (~> 3.4.0)
    rspec-support (3.4.1)
    rubocop (0.42.0)
      parser (>= 2.3.1.1, < 3.0)
      powerpack (~> 0.1)
      rainbow (>= 1.99.1, < 3.0)
      ruby-progressbar (~> 1.7)
      unicode-display_width (~> 1.0, >= 1.0.1)
    ruby-progressbar (1.8.1)
    ruby_dep (1.3.1)
    sawyer (0.7.0)
      addressable (>= 2.3.5, < 2.5)
      faraday (~> 0.8, < 0.10)
    sequel (4.36.0)
    shellany (0.0.1)
    shotgun (0.9.1)
      rack (>= 1.0)
    simplecov (0.11.2)
      docile (~> 1.1.0)
      json (~> 1.8)
      simplecov-html (~> 0.10.0)
    simplecov-html (0.10.0)
    site_prism (2.9)
      addressable (>= 2.3.3, < 3.0)
      capybara (>= 2.1, < 3.0)
    sitemap_generator (5.1.0)
      builder
    slim (3.0.6)
      temple (~> 0.7.3)
      tilt (>= 1.3.3, < 2.1)
    slop (3.6.0)
    temple (0.7.6)
    terminal-table (1.6.0)
    thor (0.19.1)
    tilt (2.0.5)
    unicode-display_width (1.1.0)
    websocket-driver (0.6.3)
      websocket-extensions (>= 0.1.0)
    websocket-extensions (0.1.2)
    wisper (1.6.1)
    xpath (2.0.0)
      nokogiri (~> 1.3)

PLATFORMS
  ruby

DEPENDENCIES
  babosa
  bcrypt
  bugsnag
  builder
  capybara
  capybara-screenshot
  codeclimate-test-reporter
  danger
  danger-rubocop!
  database_cleaner
  dry-equalizer
  dry-result_matcher
  dry-transaction
  dry-types (~> 0.8)
  dry-validation (~> 0.8)
  dry-view!
  dry-web (~> 0.2)
  dry-web-roda (~> 0.1)
  faker
  fog-aws
  foreman
  formalist!
  guard-rspec
  i18n
  inflecto
  mime-types
  pg
  poltergeist
  postmark
  pry-byebug
  puma
  que
  rack-rewrite
  rack-ssl
  rack_csrf
  rake
  redcarpet
  rom!
  rom-mapper!
  rom-repository!
  rom-sql!
  rom-support!
  rouge
  rspec
  rubocop
  shotgun
  site_prism
  sitemap_generator
  slim
  transproc!

RUBY VERSION
   ruby 2.3.0p0

BUNDLED WITH
   1.12.5
